GEM
  remote: https://rubygems.org/
  specs:
    activesupport (5.0.0.1)
      concurrent-ruby (~> 1.0, >= 1.0.2)
      i18n (~> 0.7)
      minitest (~> 5.1)
      tzinfo (~> 1.1)
    business_time (0.7.6)
      activesupport (>= 3.1.0)
      tzinfo
    coderay (1.1.1)
    concurrent-ruby (1.0.3)
    dotenv (2.1.1)
    gli (2.13.4)
    harvested (3.1.1)
      hashie
      httparty
      json
    hashie (3.4.6)
    httparty (0.14.0)
      multi_xml (>= 0.5.2)
    i18n (0.7.0)
    json (1.8.3)
    method_source (0.8.2)
    minitest (5.8.4)
    multi_xml (0.5.5)
    pry (0.10.3)
      coderay (~> 1.1.0)
      method_source (~> 0.8.1)
      slop (~> 3.4)
    rake (10.5.0)
    ruby-progressbar (1.8.1)
    slop (3.6.0)
    table_print (1.5.6)
    thread_safe (0.3.5)
    tzinfo (1.2.2)
      thread_safe (~> 0.1)

PLATFORMS
  ruby

DEPENDENCIES
  bundler (~> 1.11)
  business_time
  dotenv
  gli (~> 2.13, >= 2.13.4)
  harvested
  minitest (~> 5.0)
  pry
  rake (~> 10.0)
  ruby-progressbar
  table_print

RUBY VERSION
   ruby 2.3.2p217

BUNDLED WITH
   1.13.6
